PATH
  remote: .
  specs:
    fraudlabspro_ruby (3.1.0)

GEM
  remote: https://rubygems.org/
  specs:

PLATFORMS
  x64-mingw32

DEPENDENCIES
  fraudlabspro_ruby!

BUNDLED WITH
   1.16.1
